GIT
  remote: https://github.com/adamdawkins/toto.git
  revision: 685e3c697f3ee20c50a2d74b9567c970ae4bd3c6
  specs:
    toto (0.4.9)
      builder
      rack
      rdiscount

GEM
  remote: http://rubygems.org/
  specs:
    builder (3.0.0)
    rack (1.4.0)
    rdiscount (1.6.8)

PLATFORMS
  ruby

DEPENDENCIES
  builder
  rdiscount
  toto!
